GEM
  remote: http://rubygems.org/
  specs:
    activesupport (3.0.3)
    chunky_png (1.1.1)
    columnize (0.3.2)
    gosu (0.7.26.1)
    i18n (0.5.0)
    linecache (0.43)
    rmagick (2.13.1)
    ruby-debug (0.10.4)
      columnize (>= 0.1)
      ruby-debug-base (~> 0.10.4.0)
    ruby-debug-base (0.10.4)
      linecache (>= 0.3)

PLATFORMS
  ruby

DEPENDENCIES
  activesupport
  chunky_png
  gosu
  i18n
  rmagick
  ruby-debug
